{
  "PowerLineFrequency": 50,
  "SoftwareFilters": {
    "FilterDescription": {
      "Description": "0.5 Hz - 50 Hz"
    }
  },
  "HardwareFilters": {
    "FilterDescription": {
      "Description": "0.1 Hz - 100 Hz"
    }
  },
  "SoftwareVersions": "Biosemi Recorder 2.0",
  "DeviceSerialNumber": "123456",
  "ManufacturersModelName": "Biosemi ActiveTwo",
  "Manufacturer": "Biosemi",
  "EEGPlacementScheme": "10-20",
  "EEGGround": "GND",
  "EEGReference": "REF",
  "CapManufacturersModelName": "Biosemi ActiveTwo",
  "CapManufacturer": "Biosemi",
  "InstitutionAddress": "Beijing, China",
  "InstitutionalDepartmentName": "Department of Psychology",
  "InstitutionName": "XYZ University",
  "CogPOID": "Visual Imagery",
  "CogAtlasID": "Visual Imagery",
  "TaskName": "PerceiveImagine",
  "EEGChannelCount": 64,
  "RecordingType": "continuous",
  "RecordingDuration": 4830.6,
  "SamplingFrequency": 1000
}